GIT
  remote: https://github.com/datacite/tilt.git
  revision: 612652f9d03ff3c129c415b1826fb84b0c7a0845
  branch: pandoc-options
  specs:
    tilt (2.0.5)

GEM
  remote: https://rubygems.org/
  specs:
    activesupport (4.2.8)
      i18n (~> 0.7)
      minitest (~> 5.1)
      thread_safe (~> 0.3, >= 0.3.4)
      tzinfo (~> 1.1)
    addressable (2.5.0)
      public_suffix (~> 2.0, >= 2.0.2)
    backports (3.6.8)
    base32-crockford-checksum (0.2.3)
    bergamasco (0.3.13)
      activesupport (~> 4.2, >= 4.2.5)
      addressable (>= 2.3.6)
      builder (~> 3.2, >= 3.2.2)
      loofah (~> 2.0, >= 2.0.3)
      multi_json (~> 1.11.2)
      nokogiri (~> 1.6.7)
      oj (~> 2.18, >= 2.18.1)
      pandoc-ruby (~> 2.0, >= 2.0.0)
      safe_yaml (~> 1.0, >= 1.0.4)
    builder (3.2.3)
    cirneco (0.9.12)
      activesupport (~> 4.2, >= 4.2.5)
      base32-crockford-checksum (~> 0.2.2)
      bergamasco (~> 0.3)
      builder (~> 3.2, >= 3.2.2)
      dotenv (~> 2.1, >= 2.1.1)
      maremma (~> 3.1.2)
      nokogiri (~> 1.6, >= 1.6.8)
      thor (~> 0.19)
    coffee-script (2.4.1)
      coffee-script-source
      execjs
    coffee-script-source (1.12.2)
    compass-import-once (1.0.5)
      sass (>= 3.2, < 3.5)
    concurrent-ruby (1.0.5)
    contracts (0.13.0)
    dotenv (2.2.0)
    em-websocket (0.5.1)
      eventmachine (>= 0.12.9)
      http_parser.rb (~> 0.6.0)
    erubis (2.7.0)
    eventmachine (1.2.3)
    excon (0.45.4)
    execjs (2.7.0)
    faraday (0.9.2)
      multipart-post (>= 1.2, < 3)
    faraday-encoding (0.0.4)
      faraday
    faraday_middleware (0.10.1)
      faraday (>= 0.7.4, < 1.0)
    fast_blank (1.0.0)
    fastimage (2.1.0)
    ffi (1.9.17)
    haml (4.0.7)
      tilt
    hamster (3.0.0)
      concurrent-ruby (~> 1.0)
    hashie (3.5.5)
    hike (1.2.3)
    http_parser.rb (0.6.0)
    i18n (0.7.0)
    kramdown (1.13.2)
    listen (3.0.8)
      rb-fsevent (~> 0.9, >= 0.9.4)
      rb-inotify (~> 0.9, >= 0.9.7)
    loofah (2.0.3)
      nokogiri (>= 1.5.9)
    maremma (3.1.5)
      activesupport (~> 4.2, >= 4.2.5)
      addressable (>= 2.3.6)
      builder (~> 3.2, >= 3.2.2)
      excon (~> 0.45.0)
      faraday (~> 0.9.2)
      faraday-encoding (~> 0.0.1)
      faraday_middleware (~> 0.10.0)
      multi_json (~> 1.11.2)
      nokogiri (~> 1.6.7)
      oj (~> 2.18, >= 2.18.1)
    memoist (0.15.0)
    middleman (4.2.1)
      coffee-script (~> 2.2)
      compass-import-once (= 1.0.5)
      haml (>= 4.0.5)
      kramdown (~> 1.2)
      middleman-cli (= 4.2.1)
      middleman-core (= 4.2.1)
      sass (>= 3.4.0, < 4.0)
    middleman-blog (4.0.1)
      addressable (~> 2.3)
      middleman-core (>= 4.0.0)
      tzinfo (>= 0.3.0)
    middleman-cli (4.2.1)
      thor (>= 0.17.0, < 2.0)
    middleman-core (4.2.1)
      activesupport (>= 4.2, < 5.1)
      addressable (~> 2.3)
      backports (~> 3.6)
      bundler (~> 1.1)
      contracts (~> 0.13.0)
      dotenv
      erubis
      execjs (~> 2.0)
      fast_blank
      fastimage (~> 2.0)
      hamster (~> 3.0)
      hashie (~> 3.4)
      i18n (~> 0.7.0)
      listen (~> 3.0.0)
      memoist (~> 0.14)
      padrino-helpers (~> 0.13.0)
      parallel
      rack (>= 1.4.5, < 3)
      sass (>= 3.4)
      servolux
      tilt (~> 2.0)
      uglifier (~> 3.0)
    middleman-dotenv (2.0.0)
      dotenv (>= 2.0)
      middleman-core (>= 4.0)
    middleman-livereload (3.4.6)
      em-websocket (~> 0.5.1)
      middleman-core (>= 3.3)
      rack-livereload (~> 0.3.15)
    middleman-sprockets (4.1.0)
      middleman-core (~> 4.0)
      sprockets (>= 3.0)
    middleman-syntax (2.1.0)
      middleman-core (>= 3.2)
      rouge (~> 1.0)
    mini_portile2 (2.1.0)
    minitest (5.10.1)
    multi_json (1.11.3)
    multipart-post (2.0.0)
    nokogiri (1.6.8.1)
      mini_portile2 (~> 2.1.0)
    oj (2.18.2)
    opal (0.10.3)
      hike (~> 1.2)
      sourcemap (~> 0.1.0)
      sprockets (~> 3.1)
      tilt (>= 1.4)
    padrino-helpers (0.13.3.3)
      i18n (~> 0.6, >= 0.6.7)
      padrino-support (= 0.13.3.3)
      tilt (>= 1.4.1, < 3)
    padrino-support (0.13.3.3)
      activesupport (>= 3.1)
    pandoc-ruby (2.0.1)
    parallel (1.10.0)
    public_suffix (2.0.5)
    rack (2.0.1)
    rack-livereload (0.3.16)
      rack
    rb-fsevent (0.9.8)
    rb-inotify (0.9.8)
      ffi (>= 0.5.0)
    rouge (1.11.1)
    safe_yaml (1.0.4)
    sass (3.4.23)
    servolux (0.12.0)
    sourcemap (0.1.1)
    sprockets (3.7.1)
      concurrent-ruby (~> 1.0)
      rack (> 1, < 3)
    thor (0.19.4)
    thread_safe (0.3.6)
    tzinfo (1.2.2)
      thread_safe (~> 0.1)
    uglifier (3.1.2)
      execjs (>= 0.3.0, < 3)

PLATFORMS
  ruby

DEPENDENCIES
  builder (~> 3.0)
  cirneco (~> 0.9)
  middleman (~> 4.1)
  middleman-blog (~> 4.0)
  middleman-dotenv (~> 2.0)
  middleman-livereload
  middleman-sprockets (~> 4.1.0)
  middleman-syntax (~> 2.0)
  opal (~> 0.10)
  pandoc-ruby (~> 2.0)
  tilt (~> 2.0)!
  tzinfo-data
  wdm (~> 0.1.0)

BUNDLED WITH
   1.12.5
